PATH
  remote: .
  specs:
    ricotta (0.0.3)
      commander (~> 4.1.2)
      faraday (~> 0.8.0)
      faraday_middleware (~> 0.9.0)

GEM
  remote: https://rubygems.org/
  specs:
    commander (4.1.5)
      highline (~> 1.6.11)
    faraday (0.8.8)
      multipart-post (~> 1.2.0)
    faraday_middleware (0.9.0)
      faraday (>= 0.7.4, < 0.9)
    highline (1.6.19)
    multipart-post (1.2.0)
    rake (0.9.6)
    rspec (0.6.4)

PLATFORMS
  ruby

DEPENDENCIES
  rake (~> 0.9.2)
  ricotta!
  rspec (~> 0.6.1)
